GEM
  remote: https://rubygems.org/
  specs:
    addressable (2.3.8)
    dotenv (2.0.2)
    faraday (0.9.2)
      multipart-post (>= 1.2, < 3)
    haml (4.0.7)
      tilt
    koala (2.2.0)
      addressable
      faraday
      multi_json
    multi_json (1.11.2)
    multipart-post (2.0.0)
    rack (1.6.4)
    rack-protection (1.5.3)
      rack
    redcarpet (3.3.2)
    shotgun (0.9.1)
      rack (>= 1.0)
    sinatra (1.4.6)
      rack (~> 1.4)
      rack-protection (~> 1.4)
      tilt (>= 1.3, < 3)
    tilt (2.0.1)

PLATFORMS
  ruby

DEPENDENCIES
  dotenv
  haml
  koala
  redcarpet
  shotgun
  sinatra

BUNDLED WITH
   1.10.6
